GEM
  remote: http://rubygems.org/
  specs:
    coderay (1.0.8)
    ffi (1.1.5)
    guard (1.5.4)
      listen (>= 0.4.2)
      lumberjack (>= 1.0.2)
      pry (>= 0.9.10)
      thor (>= 0.14.6)
    guard-phpunit (0.1.4)
      guard (~> 1.1)
    listen (0.5.3)
    lumberjack (1.0.2)
    method_source (0.8.1)
    pry (0.9.10)
      coderay (~> 1.0.5)
      method_source (~> 0.8)
      slop (~> 3.3.1)
    rb-fsevent (0.9.2)
    rb-inotify (0.8.8)
      ffi (>= 0.5.0)
    rb-readline (0.4.2)
    slop (3.3.3)
    thor (0.16.0)

PLATFORMS
  ruby

DEPENDENCIES
  guard-phpunit (~> 0.1.4)
  rb-fsevent (~> 0.9.1)
  rb-inotify (~> 0.8.8)
  rb-readline (~> 0.4.2)
